PATH
  remote: .
  specs:
    slate_serializer (1.0.0)
      nokogiri (~> 1.11)

GEM
  remote: https://rubygems.org/
  specs:
    diff-lcs (1.5.1)
    mini_portile2 (2.8.5)
    nokogiri (1.16.2)
      mini_portile2 (~> 2.8.2)
      racc (~> 1.4)
    racc (1.7.3)
    rake (13.1.0)
    rspec (3.13.0)
      rspec-core (~> 3.13.0)
      rspec-expectations (~> 3.13.0)
      rspec-mocks (~> 3.13.0)
    rspec-core (3.13.0)
      rspec-support (~> 3.13.0)
    rspec-expectations (3.13.0)
      diff-lcs (>= 1.2.0, < 2.0)
      rspec-support (~> 3.13.0)
    rspec-mocks (3.13.0)
      diff-lcs (>= 1.2.0, < 2.0)
      rspec-support (~> 3.13.0)
    rspec-support (3.13.1)

PLATFORMS
  ruby

DEPENDENCIES
  bundler (~> 2.2)
  rake (~> 13.0)
  rspec (~> 3.0)
  slate_serializer!

BUNDLED WITH
   2.2.3
